GEM
  remote: https://rubygems.org/
  specs:
    ffi (1.9.0)
    fontcustom (1.0.0)
      json
      listen
      thor
    json (1.8.0)
    listen (1.2.2)
      rb-fsevent (>= 0.9.3)
      rb-inotify (>= 0.9)
      rb-kqueue (>= 0.2)
    rb-fsevent (0.9.3)
    rb-inotify (0.9.0)
      ffi (>= 0.5.0)
    rb-kqueue (0.2.0)
      ffi (>= 0.5.0)
    thor (0.18.1)

PLATFORMS
  ruby

DEPENDENCIES
  fontcustom
